GEM
  remote: https://rubygems.org/
  specs:
    bcrypt (3.1.13)
    docile (1.3.2)
    erubis (2.7.0)
    minitest (5.14.0)
    multi_json (1.15.0)
    mustermann (3.0.0)
      ruby2_keywords (~> 0.0.1)
    nio4r (2.5.8)
    pg (1.2.3)
    puma (4.3.9)
      nio4r (~> 2.0)
    rack (2.2.4)
    rack-protection (3.0.4)
      rack
    rack-test (1.1.0)
      rack (>= 1.0, < 3)
    ruby2_keywords (0.0.5)
    simplecov (0.18.5)
      docile (~> 1.1)
      simplecov-html (~> 0.11)
    simplecov-html (0.12.2)
    sinatra (3.0.4)
      mustermann (~> 3.0)
      rack (~> 2.2, >= 2.2.4)
      rack-protection (= 3.0.4)
      tilt (~> 2.0)
    sinatra-contrib (3.0.4)
      multi_json
      mustermann (~> 3.0)
      rack-protection (= 3.0.4)
      sinatra (= 3.0.4)
      tilt (~> 2.0)
    tilt (2.0.11)

PLATFORMS
  ruby

DEPENDENCIES
  bcrypt (~> 3.1, >= 3.1.12)
  erubis
  minitest
  pg
  puma
  rack-test
  simplecov
  sinatra
  sinatra-contrib

RUBY VERSION
   ruby 2.6.3p62

BUNDLED WITH
   1.17.2
